GEM
  remote: https://rubygems.org/
  specs:
    dotenv (2.8.1)
    httparty (0.20.0)
      mime-types (~> 3.0)
      multi_xml (>= 0.5.2)
    mime-types (3.4.1)
      mime-types-data (~> 3.2015)
    mime-types-data (3.2022.0105)
    multi_xml (0.6.0)

PLATFORMS
  x86_64-linux-musl

DEPENDENCIES
  dotenv
  httparty

RUBY VERSION
   ruby 3.0.5p211

BUNDLED WITH
   2.3.26
